GEM
  remote: https://rubygems.org/
  specs:
    nio4r (2.5.7)
    puma (4.3.8)
      nio4r (~> 2.0)

PLATFORMS
  ruby

DEPENDENCIES
  puma (~> 4.3)

RUBY VERSION
   ruby 2.6.5p114

BUNDLED WITH
   2.0.2
