GEM
  remote: https://rubygems.org/
  specs:
    nio4r (2.5.9)
    puma (5.6.7)
      nio4r (~> 2.0)

PLATFORMS
  ruby

DEPENDENCIES
  puma (~> 5.6)

RUBY VERSION
   ruby 2.6.5p114

BUNDLED WITH
   2.0.2
